GEM
  remote: https://rubygems.org/
  specs:
    domain_name (0.5.16)
      unf (>= 0.0.5, < 1.0.0)
    faraday (0.8.9)
      multipart-post (~> 1.2.0)
    faraday-cookie_jar (0.0.6)
      faraday (>= 0.7.4)
      http-cookie (~> 1.0.0)
    faraday_middleware (0.9.0)
      faraday (>= 0.7.4, < 0.9)
    http-cookie (1.0.2)
      domain_name (~> 0.5)
    multi_json (1.9.0)
    multipart-post (1.2.0)
    unf (0.1.3)
      unf_ext
    unf_ext (0.0.6)

PLATFORMS
  ruby

DEPENDENCIES
  faraday (= 0.8.9)
  faraday-cookie_jar
  faraday_middleware (= 0.9.0)
  multi_json
